{
	"Modality": "MR",
	"MagneticFieldStrength": 6.98,
	"Manufacturer": "Siemens",
	"ManufacturersModelName": "Investigational_Device_7T",
	"InstitutionName": "NIH_7T_Research",
	"InstitutionalDepartmentName": "Department",
	"InstitutionAddress": "Center_Drive_10_Bethesda.256354._17nov16_Maryland_US_20892",
	"DeviceSerialNumber": "18926",
	"StationName": "FMRIFD7T",
	"BodyPartExamined": "HEAD",
	"PatientPosition": "HFS",
	"ProcedureStepDescription": "MRI_Procedure_Limited",
	"SoftwareVersions": "syngo_MR_B17",
	"MRAcquisitionType": "3D",
	"SeriesDescription": "ANAT_T1_MPRAGE_1.0iso",
	"ProtocolName": "ANAT_T1_MPRAGE_1.0iso",
	"ScanningSequence": "GR_IR",
	"SequenceVariant": "SP_MP",
	"ScanOptions": "IR",
	"SequenceName": "_tfl3d1rr_ns",
	"ImageType": ["ORIGINAL", "PRIMARY", "M", "ND"],
	"SeriesNumber": 4,
	"AcquisitionTime": "14:31:50.465000",
	"AcquisitionNumber": 1,
	"SliceThickness": 1,
	"SAR": 0.0238352,
	"EchoTime": 0.00388,
	"RepetitionTime": 3,
	"InversionTime": 1.5,
	"FlipAngle": 6,
	"PartialFourier": 1,
	"BaseResolution": 256,
	"ShimSetting": [
		-249,
		134,
		928,
		1159,
		-244,
		-262,
		301,
		-167	],
	"TxRefAmp": 176.1,
	"PhaseResolution": 1,
	"ReceiveCoilName": "32Ch_Head_7T",
	"PulseSequenceDetails": "%SiemensSeq%_tfl",
	"PercentPhaseFOV": 100,
	"PhaseEncodingSteps": 255,
	"AcquisitionMatrixPE": 256,
	"ReconMatrixPE": 256,
	"ParallelReductionFactorInPlane": 2,
	"PixelBandwidth": 129,
	"DwellTime": 1.51e-05,
	"ImageOrientationPatientDICOM": [
		-0.0226873,
		0.999743,
		0,
		0,
		0,
		-1	],
	"InPlanePhaseEncodingDirectionDICOM": "ROW",
	"ConversionSoftware": "dcm2niix",
	"ConversionSoftwareVersion": "v1.0.20180622 GCC4.9.2"
}
