{
	"Modality": "MR",
	"MagneticFieldStrength": 6.98,
	"Manufacturer": "Siemens",
	"ManufacturersModelName": "Investigational_Device_7T",
	"InstitutionName": "NINDS",
	"InstitutionalDepartmentName": "Department",
	"InstitutionAddress": "Center_Drive_10_Bethesda.336812._Maryland_US_20892",
	"DeviceSerialNumber": "18926",
	"StationName": "FMRIFD7T",
	"BodyPartExamined": "HEAD",
	"PatientPosition": "HFS",
	"ProcedureStepDescription": "MRI_Procedure_Limited",
	"SoftwareVersions": "syngo_MR_B17",
	"MRAcquisitionType": "2D",
	"SeriesDescription": "NIH_EPI_2.0iso_TR2",
	"ProtocolName": "NIH_EPI_2.0iso_TR2",
	"ScanningSequence": "EP",
	"SequenceVariant": "SK",
	"SequenceName": "epfid2d1_96",
	"ImageType": ["ORIGINAL", "PRIMARY", "M", "ND", "ECHO", "00", "MOSAIC"],
	"SeriesNumber": 10,
	"AcquisitionTime": "15:13:26.017500",
	"AcquisitionNumber": 1,
	"SliceThickness": 2,
	"SpacingBetweenSlices": 2,
	"SAR": 0.145143,
	"EchoTime": 0.025,
	"RepetitionTime": 2,
	"FlipAngle": 66,
	"PartialFourier": 1,
	"BaseResolution": 96,
	"ShimSetting": [
		-101,
		139,
		823,
		887,
		-78,
		253,
		-257,
		-267	],
	"TxRefAmp": 278,
	"PhaseResolution": 1,
	"ReceiveCoilName": "32Ch_Head_7T",
	"PulseSequenceDetails": "%CustomerSeq%_inati_nih_epi",
	"PercentPhaseFOV": 100,
	"PhaseEncodingSteps": 94,
	"AcquisitionMatrixPE": 96,
	"ReconMatrixPE": 96,
	"BandwidthPerPixelPhaseEncode": 52.083,
	"ParallelReductionFactorInPlane": 3,
	"EffectiveEchoSpacing": 0.000200001,
	"DerivedVendorReportedEchoSpacing": 0.000600004,
	"TotalReadoutTime": 0.0190001,
	"PixelBandwidth": 2003,
	"DwellTime": 2.6e-06,
	"PhaseEncodingDirection": "i",
	"SliceTiming": [
		0,
		1.03,
		0.05,
		1.0775,
		0.1,
		1.1275,
		0.1475,
		1.1775,
		0.1975,
		1.225,
		0.245,
		1.275,
		0.295,
		1.3225,
		0.345,
		1.3725,
		0.3925,
		1.42,
		0.4425,
		1.47,
		0.49,
		1.52,
		0.54,
		1.5675,
		0.5875,
		1.6175,
		0.6375,
		1.665,
		0.6875,
		1.715,
		0.735,
		1.765,
		0.785,
		1.8125,
		0.8325,
		1.8625,
		0.8825,
		1.91,
		0.9325,
		1.96,
		0.98	],
	"ImageOrientationPatientDICOM": [
		1,
		-2.05103e-10,
		0,
		2.05103e-10,
		1,
		0	],
	"InPlanePhaseEncodingDirectionDICOM": "ROW",
	"ConversionSoftware": "dcm2niix",
	"ConversionSoftwareVersion": "v1.0.20180622 GCC4.9.2",
	"TaskName": "Mx1"
}
