{
	"Modality": "MR",
	"MagneticFieldStrength": 6.98,
	"Manufacturer": "Siemens",
	"ManufacturersModelName": "Investigational_Device_7T",
	"InstitutionName": "NIH_7T_Research",
	"InstitutionalDepartmentName": "Department",
	"InstitutionAddress": "Center_Drive_10_Bethesda.336812._Maryland_US_20892",
	"DeviceSerialNumber": "18926",
	"StationName": "FMRIFD7T",
	"BodyPartExamined": "HEAD",
	"PatientPosition": "HFS",
	"ProcedureStepDescription": "MRI_Procedure_Limited",
	"SoftwareVersions": "syngo_MR_B17",
	"MRAcquisitionType": "2D",
	"SeriesDescription": "NIH_EPI_2.0iso_TR2",
	"ProtocolName": "NIH_EPI_2.0iso_TR2",
	"ScanningSequence": "EP",
	"SequenceVariant": "SK",
	"SequenceName": "epfid2d1_96",
	"ImageType": ["ORIGINAL", "PRIMARY", "M", "ND", "ECHO", "00", "MOSAIC"],
	"SeriesNumber": 9,
	"AcquisitionTime": "13:57:28.405000",
	"AcquisitionNumber": 1,
	"SliceThickness": 2,
	"SpacingBetweenSlices": 2,
	"SAR": 0.146447,
	"EchoTime": 0.025,
	"RepetitionTime": 2,
	"FlipAngle": 61,
	"PartialFourier": 1,
	"BaseResolution": 96,
	"ShimSetting": [
		-316,
		193,
		874,
		786,
		-269,
		295,
		-91,
		-260	],
	"TxRefAmp": 287,
	"PhaseResolution": 1,
	"ReceiveCoilName": "32Ch_Head_7T",
	"PulseSequenceDetails": "%CustomerSeq%_inati_nih_epi",
	"PercentPhaseFOV": 100,
	"PhaseEncodingSteps": 94,
	"AcquisitionMatrixPE": 96,
	"ReconMatrixPE": 96,
	"BandwidthPerPixelPhaseEncode": 52.083,
	"ParallelReductionFactorInPlane": 3,
	"EffectiveEchoSpacing": 0.000200001,
	"DerivedVendorReportedEchoSpacing": 0.000600004,
	"TotalReadoutTime": 0.0190001,
	"PixelBandwidth": 2003,
	"DwellTime": 2.6e-06,
	"PhaseEncodingDirection": "i",
	"SliceTiming": [
		0,
		1.025,
		0.045,
		1.07,
		0.0875,
		1.115,
		0.1325,
		1.16,
		0.1775,
		1.205,
		0.2225,
		1.2475,
		0.2675,
		1.2925,
		0.3125,
		1.3375,
		0.3575,
		1.3825,
		0.4,
		1.4275,
		0.445,
		1.4725,
		0.49,
		1.515,
		0.535,
		1.56,
		0.58,
		1.605,
		0.625,
		1.65,
		0.6675,
		1.695,
		0.7125,
		1.74,
		0.7575,
		1.785,
		0.8025,
		1.8275,
		0.8475,
		1.8725,
		0.8925,
		1.9175,
		0.935,
		1.9625,
		0.98	],
	"ImageOrientationPatientDICOM": [
		1,
		-2.05103e-10,
		0,
		2.05103e-10,
		1,
		0	],
	"InPlanePhaseEncodingDirectionDICOM": "ROW",
	"ConversionSoftware": "dcm2niix",
	"ConversionSoftwareVersion": "v1.0.20180622 GCC4.9.2",
	"TaskName": "Mx2"
}
