{
	"Modality": "MR",
	"MagneticFieldStrength": 6.98,
	"Manufacturer": "Siemens",
	"ManufacturersModelName": "Investigational_Device_7T",
	"InstitutionName": "NINDS",
	"InstitutionalDepartmentName": "Department",
	"InstitutionAddress": "Center_Drive_10_Bethesda.336812._Maryland_US_20892",
	"DeviceSerialNumber": "18926",
	"StationName": "FMRIFD7T",
	"BodyPartExamined": "HEAD",
	"PatientPosition": "HFS",
	"ProcedureStepDescription": "MRI_Procedure_Limited",
	"SoftwareVersions": "syngo_MR_B17",
	"MRAcquisitionType": "2D",
	"SeriesDescription": "NIH_EPI_1.2iso_TR2",
	"ProtocolName": "NIH_EPI_1.2iso_TR2",
	"ScanningSequence": "EP",
	"SequenceVariant": "SK",
	"SequenceName": "epfid2d1_160",
	"ImageType": ["ORIGINAL", "PRIMARY", "M", "ND", "ECHO", "00", "MOSAIC"],
	"SeriesNumber": 20,
	"AcquisitionTime": "15:51:30.997500",
	"AcquisitionNumber": 1,
	"SliceThickness": 1.2,
	"SpacingBetweenSlices": 1.2,
	"SAR": 0.102156,
	"EchoTime": 0.028,
	"RepetitionTime": 2,
	"FlipAngle": 70,
	"PartialFourier": 1,
	"BaseResolution": 160,
	"ShimSetting": [
		-142,
		212,
		516,
		623,
		-279,
		625,
		-226,
		-121	],
	"TxRefAmp": 274,
	"PhaseResolution": 1,
	"ReceiveCoilName": "32Ch_Head_7T",
	"PulseSequenceDetails": "%CustomerSeq%_inati_nih_epi",
	"PercentPhaseFOV": 100,
	"PhaseEncodingSteps": 159,
	"AcquisitionMatrixPE": 160,
	"ReconMatrixPE": 160,
	"BandwidthPerPixelPhaseEncode": 23.148,
	"ParallelReductionFactorInPlane": 3,
	"EffectiveEchoSpacing": 0.000270002,
	"DerivedVendorReportedEchoSpacing": 0.000810005,
	"TotalReadoutTime": 0.0429303,
	"PixelBandwidth": 1420,
	"DwellTime": 2.2e-06,
	"PhaseEncodingDirection": "i",
	"SliceTiming": [
		1.0025,
		0,
		1.055,
		0.0525,
		1.1075,
		0.105,
		1.1625,
		0.1575,
		1.215,
		0.21,
		1.2675,
		0.2625,
		1.32,
		0.315,
		1.3725,
		0.37,
		1.425,
		0.4225,
		1.4775,
		0.475,
		1.53,
		0.5275,
		1.585,
		0.58,
		1.6375,
		0.6325,
		1.69,
		0.685,
		1.7425,
		0.7375,
		1.795,
		0.7925,
		1.8475,
		0.845,
		1.9,
		0.8975,
		1.955,
		0.95	],
	"ImageOrientationPatientDICOM": [
		1,
		-2.05103e-10,
		0,
		2.05103e-10,
		1,
		0	],
	"InPlanePhaseEncodingDirectionDICOM": "ROW",
	"ConversionSoftware": "dcm2niix",
	"ConversionSoftwareVersion": "v1.0.20180622 GCC4.9.2",
	"TaskName": "Mx1"
}
