{
	"Modality": "MR",
	"MagneticFieldStrength": 6.98,
	"Manufacturer": "Siemens",
	"ManufacturersModelName": "Investigational_Device_7T",
	"InstitutionName": "NIH_7T_Research",
	"InstitutionalDepartmentName": "Department",
	"InstitutionAddress": "Center_Drive_10_Bethesda.46EE81._Maryland_US_20892",
	"DeviceSerialNumber": "18926",
	"StationName": "FMRIFD7T",
	"BodyPartExamined": "HEAD",
	"PatientPosition": "HFS",
	"ProcedureStepDescription": "MRI_Procedure_Limited",
	"SoftwareVersions": "syngo_MR_B17",
	"MRAcquisitionType": "2D",
	"SeriesDescription": "NIH_EPI_2.0iso_TR2",
	"ProtocolName": "NIH_EPI_2.0iso_TR2",
	"ScanningSequence": "EP",
	"SequenceVariant": "SK",
	"SequenceName": "epfid2d1_96",
	"ImageType": ["ORIGINAL", "PRIMARY", "M", "ND", "ECHO", "00", "MOSAIC"],
	"SeriesNumber": 9,
	"AcquisitionTime": "14:52:7.102500",
	"AcquisitionNumber": 1,
	"SliceThickness": 2,
	"SpacingBetweenSlices": 2,
	"SAR": 0.175015,
	"EchoTime": 0.025,
	"RepetitionTime": 2,
	"FlipAngle": 63,
	"PartialFourier": 1,
	"BaseResolution": 96,
	"ShimSetting": [
		-311,
		73,
		892,
		1482,
		-411,
		-425,
		283,
		-160	],
	"TxRefAmp": 276,
	"PhaseResolution": 1,
	"ReceiveCoilName": "32Ch_Head_7T",
	"PulseSequenceDetails": "%CustomerSeq%_inati_nih_epi",
	"PercentPhaseFOV": 100,
	"PhaseEncodingSteps": 94,
	"AcquisitionMatrixPE": 96,
	"ReconMatrixPE": 96,
	"BandwidthPerPixelPhaseEncode": 52.083,
	"ParallelReductionFactorInPlane": 3,
	"EffectiveEchoSpacing": 0.000200001,
	"DerivedVendorReportedEchoSpacing": 0.000600004,
	"TotalReadoutTime": 0.0190001,
	"PixelBandwidth": 2003,
	"DwellTime": 2.6e-06,
	"PhaseEncodingDirection": "i",
	"SliceTiming": [
		1.0025,
		0,
		1.05,
		0.0475,
		1.0975,
		0.095,
		1.145,
		0.1425,
		1.195,
		0.19,
		1.2425,
		0.2375,
		1.29,
		0.285,
		1.3375,
		0.3325,
		1.385,
		0.3825,
		1.4325,
		0.43,
		1.48,
		0.4775,
		1.5275,
		0.525,
		1.5775,
		0.5725,
		1.625,
		0.62,
		1.6725,
		0.6675,
		1.72,
		0.715,
		1.7675,
		0.7625,
		1.815,
		0.8125,
		1.8625,
		0.86,
		1.91,
		0.9075,
		1.9575,
		0.955	],
	"ImageOrientationPatientDICOM": [
		1,
		-2.05103e-10,
		0,
		2.05103e-10,
		1,
		0	],
	"InPlanePhaseEncodingDirectionDICOM": "ROW",
	"ConversionSoftware": "dcm2niix",
	"ConversionSoftwareVersion": "v1.0.20180622 GCC4.9.2",
	"TaskName": "Mx1"
}
