{
	"Modality": "MR",
	"MagneticFieldStrength": 6.98,
	"Manufacturer": "Siemens",
	"ManufacturersModelName": "Investigational_Device_7T",
	"InstitutionName": "NINDS",
	"InstitutionalDepartmentName": "Department",
	"InstitutionAddress": "Center_Drive_10_Bethesda.cda882._Maryland_US_20892",
	"DeviceSerialNumber": "18926",
	"StationName": "FMRIFD7T",
	"BodyPartExamined": "HEAD",
	"PatientPosition": "HFS",
	"ProcedureStepDescription": "MRI_Procedure_Limited",
	"SoftwareVersions": "syngo_MR_B17",
	"MRAcquisitionType": "2D",
	"SeriesDescription": "NIH_EPI_1.2iso_TR050",
	"ProtocolName": "NIH_EPI_1.2iso_TR050",
	"ScanningSequence": "EP",
	"SequenceVariant": "SK",
	"SequenceName": "epfid2d1_160",
	"ImageType": ["ORIGINAL", "PRIMARY", "M", "ND", "ECHO", "00"],
	"SeriesNumber": 20,
	"AcquisitionTime": "16:54:46.290000",
	"AcquisitionNumber": 1,
	"SliceThickness": 1.2,
	"SAR": 0.00353831,
	"EchoTime": 0.028,
	"RepetitionTime": 0.05263,
	"FlipAngle": 13,
	"PartialFourier": 1,
	"BaseResolution": 160,
	"ShimSetting": [
		-217,
		61,
		673,
		1205,
		-155,
		-16,
		605,
		-180	],
	"TxRefAmp": 255,
	"PhaseResolution": 1,
	"ReceiveCoilName": "32Ch_Head_7T",
	"PulseSequenceDetails": "%CustomerSeq%_inati_nih_epi",
	"PercentPhaseFOV": 100,
	"PhaseEncodingSteps": 159,
	"AcquisitionMatrixPE": 160,
	"ReconMatrixPE": 160,
	"BandwidthPerPixelPhaseEncode": 23.148,
	"ParallelReductionFactorInPlane": 3,
	"EffectiveEchoSpacing": 0.000270002,
	"DerivedVendorReportedEchoSpacing": 0.000810005,
	"TotalReadoutTime": 0.0429303,
	"PixelBandwidth": 1420,
	"DwellTime": 2.2e-06,
	"PhaseEncodingDirection": "i",
	"ImageOrientationPatientDICOM": [
		1,
		-2.05103e-10,
		0,
		2.05103e-10,
		1,
		0	],
	"InPlanePhaseEncodingDirectionDICOM": "ROW",
	"ConversionSoftware": "dcm2niix",
	"ConversionSoftwareVersion": "v1.0.20180622 GCC4.9.2",
	"TaskName": "ffMRI"
}
