{
	"Modality": "MR",
	"MagneticFieldStrength": 6.98,
	"Manufacturer": "Siemens",
	"ManufacturersModelName": "Investigational_Device_7T",
	"InstitutionName": "NINDS",
	"InstitutionalDepartmentName": "Department",
	"InstitutionAddress": "Center_Drive_10_Bethesda.46EE81._Maryland_US_20892",
	"DeviceSerialNumber": "18926",
	"StationName": "FMRIFD7T",
	"BodyPartExamined": "HEAD",
	"PatientPosition": "HFS",
	"ProcedureStepDescription": "UserProtocols_Hendrik",
	"SoftwareVersions": "syngo_MR_B17",
	"MRAcquisitionType": "3D",
	"SeriesDescription": "ANAT_NORM_PD_1.0iso",
	"ProtocolName": "ANAT_NORM_PD_1.0iso",
	"ScanningSequence": "GR",
	"SequenceVariant": "SP",
	"SequenceName": "_tfl3d1rr_ns",
	"ImageType": ["ORIGINAL", "PRIMARY", "M", "ND"],
	"SeriesNumber": 5,
	"AcquisitionTime": "14:52:31.660000",
	"AcquisitionNumber": 1,
	"SliceThickness": 1,
	"SAR": 0.0274338,
	"EchoTime": 0.00386,
	"RepetitionTime": 1.78,
	"FlipAngle": 6,
	"PartialFourier": 1,
	"BaseResolution": 256,
	"ShimSetting": [
		-256,
		129,
		916,
		1386,
		-194,
		-840,
		256,
		-165	],
	"TxRefAmp": 277,
	"PhaseResolution": 1,
	"ReceiveCoilName": "32Ch_Head_7T",
	"PulseSequenceDetails": "%SiemensSeq%_tfl",
	"PercentPhaseFOV": 100,
	"PhaseEncodingSteps": 255,
	"AcquisitionMatrixPE": 256,
	"ReconMatrixPE": 256,
	"ParallelReductionFactorInPlane": 2,
	"PixelBandwidth": 130,
	"DwellTime": 1.5e-05,
	"ImageOrientationPatientDICOM": [
		-0.057564,
		0.998342,
		0,
		0,
		-1e-16,
		-1	],
	"InPlanePhaseEncodingDirectionDICOM": "ROW",
	"ConversionSoftware": "dcm2niix",
	"ConversionSoftwareVersion": "v1.0.20180622 GCC4.9.2"
}
